GEM
  remote: http://rubygems.org/
  specs:
    datet (0.0.20)
    diff-lcs (1.1.3)
    ffi (1.0.11)
    gettext (2.3.2)
      locale
    gir_ffi (0.4.2)
      ffi (~> 1.0.8)
      indentation (~> 0.0.6)
    gir_ffi-gtk (0.4.1)
      gir_ffi (~> 0.4.2)
    git (1.2.5)
    gtk3assist (0.0.6)
      gir_ffi-gtk
      xml-simple
    http2 (0.0.10)
    indentation (0.0.6)
    jeweler (1.8.4)
      bundler (~> 1.0)
      git (>= 1.2.5)
      rake
      rdoc
    json (1.7.5)
    knjrbfw (0.0.98)
      datet
      http2
      php4r
      tsafe
      wref
    locale (2.0.8)
    php4r (0.0.3)
      datet
      http2
    rake (0.9.2.2)
    rdoc (3.12)
      json (~> 1.4)
    rspec (2.8.0)
      rspec-core (~> 2.8.0)
      rspec-expectations (~> 2.8.0)
      rspec-mocks (~> 2.8.0)
    rspec-core (2.8.0)
    rspec-expectations (2.8.0)
      diff-lcs (~> 1.1.2)
    rspec-mocks (2.8.0)
    sqlite3 (1.3.6)
    tsafe (0.0.11)
    wref (0.0.5)
    xml-simple (1.1.1)

PLATFORMS
  ruby

DEPENDENCIES
  bundler (>= 1.0.0)
  gettext
  gir_ffi-gtk
  gtk3assist
  jeweler (~> 1.8.4)
  knjrbfw
  rdoc (~> 3.12)
  rspec (~> 2.8.0)
  sqlite3
